PATH
  remote: .
  specs:
    findyml (0.1.0)

GEM
  remote: https://rubygems.org/
  specs:
    minitest (5.18.1)
    rake (13.0.6)

PLATFORMS
  x86_64-linux

DEPENDENCIES
  findyml!
  minitest (~> 5.0)
  rake (~> 13.0)

BUNDLED WITH
   2.4.17
